GEM
  remote: https://rubygems.org/
  specs:
    minitest (5.8.1)
    minitest-rg (5.1.0)
      minitest (~> 5.0)

PLATFORMS
  ruby

DEPENDENCIES
  minitest
  minitest-rg

BUNDLED WITH
   1.10.6
